GIT
  remote: https://github.com/rweald/gnip-stream
  revision: 11306c604dbbaa927b3cdbc4dbb951b55a0106bf
  specs:
    gnip-stream (1.0.0)
      em-http-request (>= 1.0.3)

GEM
  remote: https://rubygems.org/
  specs:
    addressable (2.3.5)
    cookiejar (0.3.0)
    em-http-request (1.1.2)
      addressable (>= 2.3.4)
      cookiejar
      em-socksify (>= 0.3)
      eventmachine (>= 1.0.3)
      http_parser.rb (>= 0.6.0)
    em-socksify (0.3.0)
      eventmachine (>= 1.0.0.beta.4)
    eventmachine (1.0.3)
    http_parser.rb (0.6.0)

PLATFORMS
  ruby

DEPENDENCIES
  gnip-stream!
